GEM
  remote: http://rubygems.org/
  specs:
    adsf (1.1.1)
      rack (>= 1.0.0)
    blankslate (2.1.2.4)
    builder (3.1.3)
    capistrano (2.12.0)
      highline
      net-scp (>= 1.0.0)
      net-sftp (>= 2.0.0)
      net-ssh (>= 2.0.14)
      net-ssh-gateway (>= 1.1.0)
    coderay (1.0.6)
    colored (1.2)
    cri (2.3.0)
      colored (>= 1.2)
    daemons (1.1.8)
    eventmachine (1.0.0.rc.4)
    ffi (1.0.11)
    fssm (0.2.9)
    highline (1.6.13)
    kramdown (0.13.7)
    mime-types (1.18)
    nanoc (3.4.0)
      cri (~> 2.2)
    net-scp (1.0.4)
      net-ssh (>= 1.99.1)
    net-sftp (2.0.5)
      net-ssh (>= 2.0.9)
    net-ssh (2.5.2)
    net-ssh-gateway (1.1.0)
      net-ssh (>= 1.99.1)
    nokogiri (1.4.7)
    pygments.rb (0.2.12)
      rubypython (~> 0.5.3)
    rack (1.4.1)
    rake (0.9.2.2)
    rubypython (0.5.3)
      blankslate (>= 2.1.2.3)
      ffi (~> 1.0.7)
    thin (1.4.1)
      daemons (>= 1.0.9)
      eventmachine (>= 0.12.6)
      rack (>= 1.0.0)
    yajl-ruby (0.8.3)

PLATFORMS
  ruby

DEPENDENCIES
  adsf
  builder
  capistrano
  coderay
  fssm
  kramdown (~> 0.13.2)
  mime-types (~> 1.16)
  nanoc (~> 3.4.0)
  nokogiri (~> 1.4.4)
  pygments.rb
  rake (~> 0.9.2)
  thin
  yajl-ruby (~> 0.8.2)
